GEM
  remote: https://rubygems.org/
  specs:
    rufo (0.18.0)
    yard (0.9.37)

PLATFORMS
  aarch64-linux
  ruby

DEPENDENCIES
  rufo
  yard (~> 0.9, >= 0.9.37)

BUNDLED WITH
   2.5.18
